PATH
  remote: .
  specs:
    system_keychain (1.0.1)
      colorize (>= 0.5.8)
      highline (>= 1.6.19)

GEM
  remote: https://rubygems.org/
  specs:
    colorize (0.5.8)
    highline (1.6.19)
    rake (0.9.2.2)

PLATFORMS
  ruby

DEPENDENCIES
  rake
  system_keychain!
