PATH
  remote: .
  specs:
    system_keychain (1.0.1)
      colorize (>= 0.5.8)
      highline (>= 1.6.19)

GEM
  remote: https://rubygems.org/
  specs:
    colorize (0.5.8)
    highline (1.6.19)

PLATFORMS
  ruby

DEPENDENCIES
  system_keychain!
